GEM
  remote: http://rubygems.org/
  specs:
    git (1.2.5)
    highline (1.6.1)
    jeweler (1.6.2)
      bundler (~> 1.0)
      git (>= 1.2.5)
      rake
    json (1.5.1)
    mime-types (1.16)
    mocha (0.9.12)
    rake (0.9.2)
    rcov (0.9.9)
    shoulda (2.11.3)
    typhoeus (0.2.4)
      mime-types
      mime-types
    vcr (1.10.0)

PLATFORMS
  ruby

DEPENDENCIES
  bundler (~> 1.0.0)
  highline
  jeweler (~> 1.6.2)
  json
  mocha
  rcov
  shoulda
  typhoeus
  vcr
